GEM
  remote: https://rubygems.org/
  specs:
    activemodel (4.2.1)
      activesupport (= 4.2.1)
      builder (~> 3.1)
    activesupport (4.2.1)
      i18n (~> 0.7)
      json (~> 1.7, >= 1.7.7)
      minitest (~> 5.1)
      thread_safe (~> 0.3, >= 0.3.4)
      tzinfo (~> 1.1)
    addressable (2.3.8)
    axiom-types (0.1.1)
      descendants_tracker (~> 0.0.4)
      ice_nine (~> 0.11.0)
      thread_safe (~> 0.3, >= 0.3.1)
    backports (3.6.4)
    builder (3.2.2)
    byebug (4.0.5)
      columnize (= 0.9.0)
    celluloid (0.16.0)
      timers (~> 4.0.0)
    charlock_holmes (0.6.9.4)
    coderay (1.1.0)
    coercible (1.0.0)
      descendants_tracker (~> 0.0.1)
    columnize (0.9.0)
    connection_pool (2.2.0)
    crack (0.4.2)
      safe_yaml (~> 1.0.0)
    daemons (1.2.2)
    descendants_tracker (0.0.4)
      thread_safe (~> 0.3, >= 0.3.1)
    diff-lcs (1.2.5)
    dotenv (2.0.1)
    equalizer (0.0.11)
    erubis (2.7.0)
    escape_utils (0.2.4)
    eventmachine (1.0.7)
    excon (0.45.1)
    faraday (0.9.1)
      multipart-post (>= 1.2, < 3)
    gems (0.8.3)
    gitlab-linguist (3.0.1)
      charlock_holmes (~> 0.6.6)
      escape_utils (~> 0.2.4)
      mime-types (~> 1.19)
    gitlab_git (7.1.8)
      activesupport (~> 4.0)
      charlock_holmes (~> 0.6)
      gitlab-linguist (~> 3.0)
      rugged (~> 0.21.2)
    heroics (0.0.13)
      erubis (~> 2.7.0)
      excon
      moneta
      multi_json (>= 1.9.2)
      netrc
    hitimes (1.2.2)
    i18n (0.7.0)
    ice_nine (0.11.1)
    interchange (0.1.0)
    json (1.8.2)
    method_source (0.8.2)
    mime-types (1.25.1)
    minitest (5.5.1)
    moneta (0.8.0)
    multi_json (1.11.0)
    multipart-post (2.0.0)
    netrc (0.10.3)
    octokit (3.8.0)
      sawyer (~> 0.6.0, >= 0.5.3)
    platform-api (0.2.0)
      heroics (~> 0.0.10)
    pry (0.10.1)
      coderay (~> 1.1.0)
      method_source (~> 0.8.1)
      slop (~> 3.4)
    pry-byebug (3.1.0)
      byebug (~> 4.0)
      pry (~> 0.10)
    puma (2.11.1)
      rack (>= 1.1, < 2.0)
    rack (1.6.0)
    rack-protection (1.5.3)
      rack
    rack-test (0.6.3)
      rack (>= 1.0)
    rake (10.4.2)
    redis (3.2.1)
    redis-namespace (1.5.2)
      redis (~> 3.0, >= 3.0.4)
    rspec (3.2.0)
      rspec-core (~> 3.2.0)
      rspec-expectations (~> 3.2.0)
      rspec-mocks (~> 3.2.0)
    rspec-core (3.2.3)
      rspec-support (~> 3.2.0)
    rspec-expectations (3.2.1)
      diff-lcs (>= 1.2.0, < 2.0)
      rspec-support (~> 3.2.0)
    rspec-mocks (3.2.1)
      diff-lcs (>= 1.2.0, < 2.0)
      rspec-support (~> 3.2.0)
    rspec-support (3.2.2)
    rugged (0.21.4)
    safe_yaml (1.0.4)
    sawyer (0.6.0)
      addressable (~> 2.3.5)
      faraday (~> 0.8, < 0.10)
    sequel (4.21.0)
    sidekiq (3.3.3)
      celluloid (>= 0.16.0)
      connection_pool (>= 2.1.1)
      json
      redis (>= 3.0.6)
      redis-namespace (>= 1.3.1)
    sinatra (1.4.6)
      rack (~> 1.4)
      rack-protection (~> 1.4)
      tilt (>= 1.3, < 3)
    sinatra-contrib (1.4.2)
      backports (>= 2.0)
      multi_json
      rack-protection
      rack-test
      sinatra (~> 1.4.0)
      tilt (~> 1.3)
    sinatra-cross_origin (0.3.2)
    slop (3.6.0)
    sqlite3 (1.3.10)
    thin (1.6.3)
      daemons (~> 1.0, >= 1.0.9)
      eventmachine (~> 1.0)
      rack (~> 1.0)
    thread_safe (0.3.5)
    tilt (1.4.1)
    timecop (0.7.3)
    timers (4.0.1)
      hitimes
    tzinfo (1.2.2)
      thread_safe (~> 0.1)
    vcr (2.9.3)
    virtus (1.0.5)
      axiom-types (~> 0.1)
      coercible (~> 1.0)
      descendants_tracker (~> 0.0, >= 0.0.3)
      equalizer (~> 0.0, >= 0.0.9)
    webmock (1.21.0)
      addressable (>= 2.3.6)
      crack (>= 0.3.2)

PLATFORMS
  ruby

DEPENDENCIES
  activemodel
  activesupport
  dotenv
  gems
  gitlab_git
  interchange
  octokit
  platform-api
  pry
  pry-byebug
  puma
  rake
  rspec
  rugged
  sequel
  sidekiq
  sinatra
  sinatra-contrib
  sinatra-cross_origin
  sqlite3
  thin
  timecop
  vcr
  virtus
  webmock
