GIT
  remote: git://github.com/ahawkins/chassis.git
  revision: b261f218d727c6e524529fc0d7eb932fb37d8ea6
  specs:
    chassis (0.1.0)
      breaker
      faraday (~> 0.9.0)
      harness
      harness-rack
      interchange
      lift
      logger-better
      manifold
      prox
      rack-contrib
      sinatra
      sinatra-contrib
      tnt
      virtus
      virtus-dirty_attribute

GEM
  remote: https://rubygems.org/
  specs:
    active_model_serializers (0.9.0)
      activemodel (>= 3.2)
    activemodel (4.1.7)
      activesupport (= 4.1.7)
      builder (~> 3.1)
    activesupport (4.1.7)
      i18n (~> 0.6, >= 0.6.9)
      json (~> 1.7, >= 1.7.7)
      minitest (~> 5.1)
      thread_safe (~> 0.1)
      tzinfo (~> 1.1)
    addressable (2.3.6)
    axiom-types (0.1.1)
      descendants_tracker (~> 0.0.4)
      ice_nine (~> 0.11.0)
      thread_safe (~> 0.3, >= 0.3.1)
    backports (3.6.3)
    breaker (0.1.1)
    builder (3.2.2)
    byebug (3.5.1)
      columnize (~> 0.8)
      debugger-linecache (~> 1.2)
      slop (~> 3.6)
    coderay (1.1.0)
    coercible (1.0.0)
      descendants_tracker (~> 0.0.1)
    columnize (0.8.9)
    debugger-linecache (1.2.0)
    descendants_tracker (0.0.4)
      thread_safe (~> 0.3, >= 0.3.1)
    diff-lcs (1.2.5)
    equalizer (0.0.9)
    faraday (0.9.0)
      multipart-post (>= 1.2, < 3)
    harness (2.0.0)
      statsd-ruby
    harness-rack (0.1.0)
      harness
    i18n (0.6.11)
    ice_nine (0.11.0)
    interchange (0.1.0)
    json (1.8.1)
    lift (0.1.0)
    logger-better (0.1.0)
    manifold (1.0.2)
    method_source (0.8.2)
    minitest (5.4.2)
    multi_json (1.10.1)
    multipart-post (2.0.0)
    octokit (3.4.2)
      sawyer (~> 0.5.3)
    prox (0.0.1)
    pry (0.10.1)
      coderay (~> 1.1.0)
      method_source (~> 0.8.1)
      slop (~> 3.4)
    pry-byebug (2.0.0)
      byebug (~> 3.4)
      pry (~> 0.10)
    puma (2.9.2)
      rack (>= 1.1, < 2.0)
    rack (1.5.2)
    rack-contrib (1.2.0)
      rack (>= 0.9.1)
    rack-protection (1.5.3)
      rack
    rack-test (0.6.2)
      rack (>= 1.0)
    rake (10.3.2)
    rspec (3.1.0)
      rspec-core (~> 3.1.0)
      rspec-expectations (~> 3.1.0)
      rspec-mocks (~> 3.1.0)
    rspec-core (3.1.7)
      rspec-support (~> 3.1.0)
    rspec-expectations (3.1.2)
      diff-lcs (>= 1.2.0, < 2.0)
      rspec-support (~> 3.1.0)
    rspec-mocks (3.1.3)
      rspec-support (~> 3.1.0)
    rspec-support (3.1.2)
    sawyer (0.5.5)
      addressable (~> 2.3.5)
      faraday (~> 0.8, < 0.10)
    sinatra (1.4.5)
      rack (~> 1.4)
      rack-protection (~> 1.4)
      tilt (~> 1.3, >= 1.3.4)
    sinatra-contrib (1.4.2)
      backports (>= 2.0)
      multi_json
      rack-protection
      rack-test
      sinatra (~> 1.4.0)
      tilt (~> 1.3)
    slop (3.6.0)
    statsd-ruby (1.2.1)
    thread_safe (0.3.4)
    tilt (1.4.1)
    tnt (0.1.0)
    tzinfo (1.2.2)
      thread_safe (~> 0.1)
    virtus (1.0.3)
      axiom-types (~> 0.1)
      coercible (~> 1.0)
      descendants_tracker (~> 0.0, >= 0.0.3)
      equalizer (~> 0.0, >= 0.0.9)
    virtus-dirty_attribute (0.1.0)
      virtus (~> 1.0.0)

PLATFORMS
  ruby

DEPENDENCIES
  active_model_serializers
  chassis!
  octokit
  pry
  pry-byebug
  puma
  rake
  rspec
